GEM
  remote: https://rubygems.org/
  specs:
    nokogiri (1.11.3-x86_64-darwin)
      racc (~> 1.4)
    racc (1.5.2)
    reverse_markdown (2.0.0)
      nokogiri

PLATFORMS
  x86_64-darwin-20

DEPENDENCIES
  nokogiri
  reverse_markdown

BUNDLED WITH
   2.2.15
